PATH
  remote: .
  specs:
    bunyan (0.4.1)
      mongo (~> 1.0.9)

GEM
  remote: http://rubygems.org/
  specs:
    bson (1.1)
    bson_ext (1.1)
    mongo (1.0.9)
      bson (>= 1.0.5)
    rspec (1.3.0)

PLATFORMS
  ruby

DEPENDENCIES
  bson_ext (>= 1.0.9)
  bunyan!
  mongo (~> 1.0.9)
  rspec (>= 1.3.0)
