PATH
  remote: .
  specs:
    bunyan (0.4.0)
      bson_ext (>= 0.20.1)
      mongo (>= 0.20.1)

GEM
  remote: http://rubygems.org/
  specs:
    ZenTest (4.4.0)
    autotest (4.3.2)
    autotest-growl (0.2.4)
      autotest (>= 4.2.4)
    bson (1.0.7)
    bson_ext (1.0.7)
    mongo (1.0.8)
      bson (>= 1.0.5)
    rspec (1.3.0)

PLATFORMS
  ruby

DEPENDENCIES
  ZenTest
  autotest-growl
  bson_ext (>= 0.20.1)
  bunyan!
  mongo (>= 0.20.1)
  rspec (>= 1.3.0)
