PATH
  remote: .
  specs:
    bunyan (0.4.2)
      mongo (~> 1.2.4)

GEM
  remote: http://rubygems.org/
  specs:
    bson (1.2.4)
    bson_ext (1.2.4)
    mongo (1.2.4)
      bson (>= 1.2.4)
    rspec (1.3.0)

PLATFORMS
  ruby

DEPENDENCIES
  bson_ext (>= 1.2.4)
  bunyan!
  rspec (>= 1.3.0)
